PATH
  remote: .
  specs:
    yamldiff (0.0.9)
      diffy (>= 3.0.6, < 3.5.0)

GEM
  remote: https://rubygems.org/
  specs:
    diff-lcs (1.5.0)
    diffy (3.4.2)
    fakefs (0.6.7)
    metaclass (0.0.4)
    mocha (1.1.0)
      metaclass (~> 0.0.1)
    rake (13.0.6)
    rspec (3.1.0)
      rspec-core (~> 3.1.0)
      rspec-expectations (~> 3.1.0)
      rspec-mocks (~> 3.1.0)
    rspec-core (3.1.7)
      rspec-support (~> 3.1.0)
    rspec-expectations (3.1.2)
      diff-lcs (>= 1.2.0, < 2.0)
      rspec-support (~> 3.1.0)
    rspec-mocks (3.1.3)
      rspec-support (~> 3.1.0)
    rspec-support (3.1.2)

PLATFORMS
  x86_64-darwin-21
  x86_64-linux

DEPENDENCIES
  fakefs (~> 0.6.0)
  mocha (~> 1.1.0)
  rake (~> 13.0)
  rspec (~> 3.1.0)
  yamldiff!

BUNDLED WITH
   2.3.7
